GEM
  remote: https://rubygems.org/
  specs:
    activemodel (4.2.11.3)
      activesupport (= 4.2.11.3)
      builder (~> 3.1)
    activeresource (4.1.0)
      activemodel (~> 4.0)
      activesupport (~> 4.0)
      rails-observers (~> 0.1.2)
    activesupport (4.2.11.3)
      i18n (~> 0.7)
      minitest (~> 5.1)
      thread_safe (~> 0.3, >= 0.3.4)
      tzinfo (~> 1.1)
    addressable (2.8.1)
      public_suffix (>= 2.0.2, < 6.0)
    builder (3.2.4)
    celluloid (0.16.0)
      timers (~> 4.0.0)
    colorize (0.7.5)
    concurrent-ruby (1.2.2)
    domain_name (0.5.20190701)
      unf (>= 0.0.5, < 1.0.0)
    ffi (1.15.5)
    foreman (0.87.2)
    hitimes (2.0.0)
    http (0.9.9)
      addressable (~> 2.3)
      http-cookie (~> 1.0)
      http-form_data (~> 1.0.1)
      http_parser.rb (~> 0.6.0)
    http-cookie (1.0.5)
      domain_name (~> 0.5)
    http-form_data (1.0.3)
    http_parser.rb (0.6.0)
    i18n (0.9.5)
      concurrent-ruby (~> 1.0)
    listen (2.10.1)
      celluloid (~> 0.16.0)
      rb-fsevent (>= 0.9.3)
      rb-inotify (>= 0.9)
    minitest (5.18.0)
    public_suffix (5.0.1)
    rails-observers (0.1.5)
      activemodel (>= 4.0)
    rb-fsevent (0.11.2)
    rb-inotify (0.10.1)
      ffi (~> 1.0)
    thor (0.19.1)
    thread_safe (0.3.6)
    timers (4.0.4)
      hitimes
    tzinfo (1.2.11)
      thread_safe (~> 0.1)
    unf (0.1.4)
      unf_ext
    unf_ext (0.0.8.2)
    versacommerce-cli (0.2.3)
      colorize (= 0.7.5)
      listen (~> 2.10)
      thor (= 0.19.1)
      versacommerce-theme_api_client (= 0.1.3)
    versacommerce-theme_api_client (0.1.3)
      activemodel (~> 4.2)
      activesupport (~> 4.2)
      http (>= 0.8.12, < 1.0.0)
    versacommerce_api (2.0)
      activeresource (>= 3.2.14)
      thor (>= 0.14.4)

PLATFORMS
  x86_64-darwin-20

DEPENDENCIES
  foreman
  versacommerce-cli
  versacommerce_api

RUBY VERSION
   ruby 2.7.6p219

BUNDLED WITH
   2.3.23
